{
	"ECGChannelCount": 0,
	"EEGChannelCount": 257,
	"EEGReference": "Cz",
	"EMGChannelCount": 0,
	"EOGChannelCount": 0,
	"EpochLength": 406.48,
	"InstitutionAddress": "CHU de Rennes, Hopital de Pontchaillou, 2 rue Henri le Guilloux, 35033 Rennes cedex 09",
	"InstitutionName": "CHU de Rennes",
	"InstitutionalDepartmentName": "Laboratoire de traitement de signal et image",
	"MiscChannelCount": 0,
	"PowerLineFrequency": 60,
	"RecordingDuration": 406.48,
	"SamplingFrequency": 1000,
	"SoftwareFilters": "n/a",
	"TaskDescription": "Subjects were asked to close their eyes for 10 min)",
	"TaskName": "PicturesNaming",
	"TriggerChannelCount": 0
}
